PATH
  remote: .
  specs:
    kckstrt (0.0.1)
      gli (= 2.5.2)
      highline (~> 1.6.15)

GEM
  remote: http://rubygems.org/
  specs:
    diff-lcs (1.1.3)
    gli (2.5.2)
    highline (1.6.15)
    rake (10.0.3)
    rspec (2.12.0)
      rspec-core (~> 2.12.0)
      rspec-expectations (~> 2.12.0)
      rspec-mocks (~> 2.12.0)
    rspec-core (2.12.2)
    rspec-expectations (2.12.1)
      diff-lcs (~> 1.1.3)
    rspec-mocks (2.12.1)

PLATFORMS
  ruby

DEPENDENCIES
  kckstrt!
  rake
  rspec (~> 2.12.0)
  rspec-mocks (~> 2.12.0)
